GEM
  remote: https://rubygems.org/
  specs:
    builder (3.2.2)
    elasticsearch (2.0.0)
      elasticsearch-api (= 2.0.0)
      elasticsearch-transport (= 2.0.0)
    elasticsearch-api (2.0.0)
      multi_json
    elasticsearch-transport (2.0.0)
      faraday
      multi_json
    faraday (0.9.2)
      multipart-post (>= 1.2, < 3)
    faraday_middleware (0.10.0)
      faraday (>= 0.7.4, < 0.10)
    json_pure (2.0.2)
    logger (1.2.8)
    mini_magick (4.5.1)
    mini_portile2 (2.1.0)
    multi_json (1.12.1)
    multipart-post (2.0.0)
    nokogiri (1.6.8)
      mini_portile2 (~> 2.1.0)
      pkg-config (~> 1.1.7)
    oai (0.4.0)
      builder (>= 3.1.0)
      faraday
      faraday_middleware
    orchard (0.2)
    pkg-config (1.1.7)
    redis (3.3.1)
    rsolr (1.1.2)
      builder (>= 2.1.2)

PLATFORMS
  ruby

DEPENDENCIES
  elasticsearch (~> 2.0)
  json_pure (~> 2.0, >= 2.0.2)
  logger (~> 1.2, >= 1.2.8)
  mini_magick
  nokogiri (~> 1.6, >= 1.6.8)
  oai (~> 0.4.0)
  orchard (~> 0.2)
  redis (~> 3.3, >= 3.3.1)
  rsolr (~> 1.1, >= 1.1.2)

BUNDLED WITH
   1.12.5
